GEM
  specs:
    gosu (0.12.0)

PLATFORMS
  ruby

DEPENDENCIES
  gosu

BUNDLED WITH
   1.15.0
