GEM
  specs:
    gosu (0.12.0-x64-mingw32)

PLATFORMS
  x64-mingw32

DEPENDENCIES
  gosu

BUNDLED WITH
   1.15.0
