GEM
  remote: http://rubygems.org/
  specs:
    gosu (0.12.0)
    gosu (0.12.0-x64-mingw32)

PLATFORMS
  ruby
  x64-mingw32

DEPENDENCIES
  gosu

BUNDLED WITH
   1.15.0
